GIT
  remote: git://github.com/spree/spree_auth_devise.git
  revision: d2ee454e21746094d6e0bc79b9d4421b5849c20e
  branch: 3-0-stable
  specs:
    spree_auth_devise (3.0.0)
      devise (~> 3.4.1)
      devise-encryptable (= 0.1.2)
      json
      multi_json
      spree_core (~> 3.0.0)

GIT
  remote: git://github.com/spree/spree_gateway.git
  revision: fc1940d30748876a16be81149178b898c5562d23
  branch: 3-0-stable
  specs:
    spree_gateway (3.0.0.beta)
      spree_core (~> 3.0.0)
GEM
  remote: https://rubygems.org/
  

PLATFORMS
  ruby
